GIT
  remote: https://github.com/jabbrwcky/prawn-qrcode
  revision: 08e457af2d6661ede3346a3a3dc3b99a9df9fd9b
  specs:
    prawn-qrcode (0.5.1)
      prawn (>= 1)
      rqrcode (>= 1.0.0)

GEM
  remote: https://rubygems.org/
  specs:
    addressable (2.7.0)
      public_suffix (>= 2.0.2, < 5.0)
    chunky_png (1.3.11)
    color (1.8)
    css_parser (1.7.1)
      addressable
    json (2.3.0)
    pdf-core (0.7.0)
    prawn (2.2.2)
      pdf-core (~> 0.7.0)
      ttfunk (~> 1.5)
    prawn-svg (0.30.0)
      css_parser (~> 1.6)
      prawn (>= 0.11.1, < 3)
    public_suffix (4.0.5)
    rmagick (4.1.2)
    rqrcode (1.1.2)
      chunky_png (~> 1.0)
      rqrcode_core (~> 0.1)
    rqrcode_core (0.1.2)
    ttfunk (1.6.2.1)

PLATFORMS
  ruby

DEPENDENCIES
  color
  json
  prawn
  prawn-qrcode!
  prawn-svg
  rmagick

BUNDLED WITH
   1.17.2
