GIT
  remote: https://github.com/jabbrwcky/prawn-qrcode
  revision: d3cc3434d2f8240368fe6fba2690940ba92212f5
  specs:
    prawn-qrcode (0.5.2)
      prawn (>= 1)
      rqrcode (>= 1.0.0)

GEM
  remote: https://rubygems.org/
  specs:
    addressable (2.7.0)
      public_suffix (>= 2.0.2, < 5.0)
    chunky_png (1.3.14)
    coderay (1.1.3)
    color (1.8)
    css_parser (1.7.1)
      addressable
    json (2.3.1)
    method_source (1.0.0)
    mini_portile2 (2.4.0)
    nokogiri (1.10.10)
      mini_portile2 (~> 2.4.0)
    pdf-core (0.8.1)
    prawn (2.3.0)
      pdf-core (~> 0.8.1)
      ttfunk (~> 1.6)
    prawn-svg (0.31.0)
      css_parser (~> 1.6)
      prawn (>= 0.11.1, < 3)
    pry (0.13.1)
      coderay (~> 1.1)
      method_source (~> 1.0)
    public_suffix (4.0.6)
    rmagick (4.1.2)
    rqrcode (1.1.2)
      chunky_png (~> 1.0)
      rqrcode_core (~> 0.1)
    rqrcode_core (0.1.2)
    ttfunk (1.6.2.1)

PLATFORMS
  ruby

DEPENDENCIES
  color
  json
  nokogiri
  prawn
  prawn-qrcode!
  prawn-svg
  pry
  rmagick

BUNDLED WITH
   1.17.2
